GEM
  remote: https://rubygems.org/
  specs:
    ast (2.4.2)
    backport (1.2.0)
    benchmark (0.4.0)
    diff-lcs (1.6.0)
    jaro_winkler (1.6.0)
    json (2.10.2)
    kramdown (2.5.1)
      rexml (>= 3.3.9)
    kramdown-parser-gfm (1.1.0)
      kramdown (~> 2.0)
    language_server-protocol (3.17.0.4)
    lint_roller (1.1.0)
    logger (1.6.6)
    nokogiri (1.18.4-x64-mingw-ucrt)
      racc (~> 1.4)
    observer (0.1.2)
    ostruct (0.6.1)
    parallel (1.26.3)
    parser (3.3.7.1)
      ast (~> 2.4.1)
      racc
    racc (1.8.1)
    rainbow (3.1.1)
    rbs (3.8.1)
      logger
    regexp_parser (2.10.0)
    reverse_markdown (3.0.0)
      nokogiri
    rexml (3.4.1)
    rubocop (1.74.0)
      json (~> 2.3)
      language_server-protocol (~> 3.17.0.2)
      lint_roller (~> 1.1.0)
      parallel (~> 1.10)
      parser (>= 3.3.0.2)
      rainbow (>= 2.2.2, < 4.0)
      regexp_parser (>= 2.9.3, < 3.0)
      rubocop-ast (>= 1.38.0, < 2.0)
      ruby-progressbar (~> 1.7)
      unicode-display_width (>= 2.4.0, < 4.0)
    rubocop-ast (1.38.1)
      parser (>= 3.3.1.0)
    ruby-progressbar (1.13.0)
    solargraph (0.52.0)
      backport (~> 1.2)
      benchmark
      bundler (~> 2.0)
      diff-lcs (~> 1.4)
      jaro_winkler (~> 1.6)
      kramdown (~> 2.3)
      kramdown-parser-gfm (~> 1.1)
      logger (~> 1.6)
      observer (~> 0.1)
      ostruct (~> 0.6)
      parser (~> 3.0)
      rbs (~> 3.0)
      reverse_markdown (>= 2.0, < 4)
      rubocop (~> 1.38)
      thor (~> 1.0)
      tilt (~> 2.0)
      yard (~> 0.9, >= 0.9.24)
      yard-solargraph (~> 0.1)
    sqlite3 (2.6.0-x64-mingw-ucrt)
    thor (1.3.2)
    tilt (2.6.0)
    unicode-display_width (3.1.4)
      unicode-emoji (~> 4.0, >= 4.0.4)
    unicode-emoji (4.0.4)
    yard (0.9.37)
    yard-solargraph (0.1.0)
      yard (~> 0.9)

PLATFORMS
  x64-mingw-ucrt

DEPENDENCIES
  solargraph
  sqlite3

BUNDLED WITH
   2.6.3
